GEM
  remote: https://rubygems.org/
  specs:
    abbrev (0.1.0)
    base64 (0.1.0)
    benchmark (0.1.1)
    bigdecimal (3.0.0)
    cgi (0.3.1)
    csv (3.1.9)
    date (3.1.0)
    dbm (1.1.0)
    debug (0.1.0)
    delegate (0.2.0)
    did_you_mean (1.5.0)
    digest (3.0.0)
    drb (2.0.4)
    english (0.7.1)
    erb (2.2.0)
    etc (1.2.0)
    fcntl (1.0.0)
    fiddle (1.0.6)
    fileutils (1.5.0)
    find (0.1.0)
    forwardable (1.3.2)
    gdbm (2.1.0)
    getoptlong (0.1.1)
    io-console (0.5.7)
    io-nonblock (0.1.0)
    io-wait (0.1.0)
    ipaddr (1.2.2)
    irb (1.3.5)
      reline (>= 0.1.5)
    json (2.5.1)
    logger (1.4.3)
    matrix (0.3.1)
    minitest (5.14.2)
    mutex_m (0.1.1)
    net-ftp (0.1.2)
      net-protocol
      time
    net-http (0.1.1)
      net-protocol
      uri
    net-imap (0.1.1)
      digest
      net-protocol
      strscan
    net-pop (0.1.1)
      digest
      net-protocol
      timeout
    net-protocol (0.1.0)
    net-smtp (0.2.1)
      net-protocol
    nkf (0.1.0)
    observer (0.1.1)
    open-uri (0.1.0)
    open3 (0.1.1)
    openssl (2.2.0)
    optparse (0.1.0)
    ostruct (0.3.1)
    pathname (0.1.0)
    power_assert (1.2.0)
    pp (0.1.0)
    prettyprint (0.1.0)
    prime (0.1.2)
      forwardable
      singleton
    pstore (0.1.1)
    psych (3.3.0)
    racc (1.5.1)
    rake (13.0.3)
    rbs (1.0.4)
    rdoc (6.3.1)
    readline (0.0.2)
      reline
    readline-ext (0.1.1)
    reline (0.2.5)
      io-console (~> 0.5)
    resolv (0.2.0)
    resolv-replace (0.1.0)
      resolv
    rexml (3.2.5)
    rinda (0.1.0)
    rss (0.2.9)
      rexml
    securerandom (0.1.0)
    set (1.0.1)
    shellwords (0.1.0)
    singleton (0.1.1)
    stringio (3.0.0)
    strscan (3.0.0)
    syslog (0.1.0)
    tempfile (0.1.1)
    test-unit (3.3.7)
      power_assert
    time (0.1.0)
    timeout (0.1.1)
    tmpdir (0.1.2)
      fileutils
    tracer (0.1.1)
    tsort (0.1.0)
    typeprof (0.12.0)
      rbs (>= 1.0.0)
    un (0.1.0)
    uri (0.10.1)
    weakref (0.1.1)
      delegate
    yaml (0.1.1)
    zlib (1.1.0)

PLATFORMS
  ruby

DEPENDENCIES
  abbrev (= 0.1.0)
  base64 (= 0.1.0)
  benchmark (= 0.1.1)
  bigdecimal (= 3.0.0)
  bundler (= 2.2.22)
  cgi (= 0.3.1)
  csv (= 3.1.9)
  date (= 3.1.0)
  dbm (= 1.1.0)
  debug (= 0.1.0)
  delegate (= 0.2.0)
  did_you_mean (= 1.5.0)
  digest (= 3.0.0)
  drb (= 2.0.4)
  english (= 0.7.1)
  erb (= 2.2.0)
  etc (= 1.2.0)
  fcntl (= 1.0.0)
  fiddle (= 1.0.6)
  fileutils (= 1.5.0)
  find (= 0.1.0)
  forwardable (= 1.3.2)
  gdbm (= 2.1.0)
  getoptlong (= 0.1.1)
  io-console (= 0.5.7)
  io-nonblock (= 0.1.0)
  io-wait (= 0.1.0)
  ipaddr (= 1.2.2)
  irb (= 1.3.5)
  json (= 2.5.1)
  logger (= 1.4.3)
  matrix (= 0.3.1)
  minitest (= 5.14.2)
  mutex_m (= 0.1.1)
  net-ftp (= 0.1.2)
  net-http (= 0.1.1)
  net-imap (= 0.1.1)
  net-pop (= 0.1.1)
  net-protocol (= 0.1.0)
  net-smtp (= 0.2.1)
  nkf (= 0.1.0)
  observer (= 0.1.1)
  open-uri (= 0.1.0)
  open3 (= 0.1.1)
  openssl (= 2.2.0)
  optparse (= 0.1.0)
  ostruct (= 0.3.1)
  pathname (= 0.1.0)
  power_assert (= 1.2.0)
  pp (= 0.1.0)
  prettyprint (= 0.1.0)
  prime (= 0.1.2)
  pstore (= 0.1.1)
  psych (= 3.3.0)
  racc (= 1.5.1)
  rake (= 13.0.3)
  rbs (= 1.0.4)
  rdoc (= 6.3.1)
  readline (= 0.0.2)
  readline-ext (= 0.1.1)
  reline (= 0.2.5)
  resolv (= 0.2.0)
  resolv-replace (= 0.1.0)
  rexml (= 3.2.5)
  rinda (= 0.1.0)
  rss (= 0.2.9)
  securerandom (= 0.1.0)
  set (= 1.0.1)
  shellwords (= 0.1.0)
  singleton (= 0.1.1)
  stringio (= 3.0.0)
  strscan (= 3.0.0)
  syslog (= 0.1.0)
  tempfile (= 0.1.1)
  test-unit (= 3.3.7)
  time (= 0.1.0)
  timeout (= 0.1.1)
  tmpdir (= 0.1.2)
  tracer (= 0.1.1)
  tsort (= 0.1.0)
  typeprof (= 0.12.0)
  un (= 0.1.0)
  uri (= 0.10.1)
  weakref (= 0.1.1)
  yaml (= 0.1.1)
  zlib (= 1.1.0)

BUNDLED WITH
   2.2.22
